GEM
  remote: http://rubygems.org/
  specs:
    chunky_png (1.1.1)
    compass (0.11.1)
      chunky_png (~> 1.1)
      fssm (>= 0.2.7)
      sass (~> 3.1)
    fssm (0.2.7)
    haml (3.1.1)
    rack (1.2.2)
    sass (3.1.0)
    sinatra (1.2.3)
      rack (~> 1.1)
      tilt (>= 1.2.2, < 2.0)
    tilt (1.2.2)

PLATFORMS
  ruby

DEPENDENCIES
  compass
  haml
  sinatra
